GEM
  remote: https://rubygems.org/
  specs:
    jwt (1.5.6)
    mustermann (1.0.0)
    rack (2.0.3)
    rack-protection (2.0.0)
      rack
    sinatra (2.0.0)
      mustermann (~> 1.0)
      rack (~> 2.0)
      rack-protection (= 2.0.0)
      tilt (~> 2.0)
    tilt (2.0.7)

PLATFORMS
  x64-mingw32

DEPENDENCIES
  jwt (= 1.5.6)
  sinatra (= 2.0.0)

BUNDLED WITH
   1.15.1
